GEM
  remote: https://rubygems.org/
  specs:
    diff-lcs (1.3)
    hash_dot (2.4.1)
    mail (2.7.0)
      mini_mime (>= 0.1.1)
    mini_mime (1.0.1)
    pg (0.18.4)
    rspec (3.8.0)
      rspec-core (~> 3.8.0)
      rspec-expectations (~> 3.8.0)
      rspec-mocks (~> 3.8.0)
    rspec-core (3.8.0)
      rspec-support (~> 3.8.0)
    rspec-expectations (3.8.1)
      diff-lcs (>= 1.2.0, < 2.0)
      rspec-support (~> 3.8.0)
    rspec-mocks (3.8.0)
      diff-lcs (>= 1.2.0, < 2.0)
      rspec-support (~> 3.8.0)
    rspec-support (3.8.0)

PLATFORMS
  ruby

DEPENDENCIES
  hash_dot (~> 2.4, >= 2.4.1)
  mail (~> 2.6, >= 2.6.4)
  pg (~> 0.18.4)
  rspec (~> 3.4)

BUNDLED WITH
   1.16.4
